PATH
  remote: .
  specs:
    my_obfuscate (0.3.2)
      faker (= 0.9.5)

GEM
  remote: http://rubygems.org/
  specs:
    diff-lcs (1.1.2)
    faker (0.9.5)
      i18n (~> 0.4)
    i18n (0.6.0)
    rspec (2.6.0)
      rspec-core (~> 2.6.0)
      rspec-expectations (~> 2.6.0)
      rspec-mocks (~> 2.6.0)
    rspec-core (2.6.4)
    rspec-expectations (2.6.0)
      diff-lcs (~> 1.1.2)
    rspec-mocks (2.6.0)

PLATFORMS
  ruby

DEPENDENCIES
  my_obfuscate!
  rspec
